GEM
  remote: https://rubygems.org/
  specs:
    mini_portile (2.4.0)
    nokogiri (1.11.3)
      mini_portile (~> 2.4.0)

PLATFORMS
  ruby

DEPENDENCIES
  nokogiri (~> 1.10.1)
